GEM
  remote: https://rubygems.org/
  specs:
    addressable (2.5.2)
      public_suffix (>= 2.0.2, < 4.0)
    ffi (1.9.18)
    jekyll-paginate (1.1.0)
    jekyll-watch (2.0.0)
      listen (~> 3.0)
    kramdown (1.16.2)
    listen (3.1.5)
      rb-fsevent (~> 0.9, >= 0.9.4)
      rb-inotify (~> 0.9, >= 0.9.7)
      ruby_dep (~> 1.2)
    public_suffix (3.0.1)
    rb-fsevent (0.10.2)
    rb-inotify (0.9.10)
      ffi (>= 0.5.0, < 2)
    rouge (3.1.0)
    ruby_dep (1.5.0)

PLATFORMS
  ruby

DEPENDENCIES
  addressable (~> 2.4)
  jekyll-paginate
  jekyll-watch
  kramdown (~> 1.11, >= 1.11.1)
  rouge (~> 3.1)

BUNDLED WITH
   1.16.0
